PATH
  remote: .
  specs:
    runtimeerror_notifier (0.0.5)
      httparty (~> 0.9.0)

GEM
  remote: http://rubygems.org/
  specs:
    activesupport (3.2.8)
      i18n (~> 0.6)
      multi_json (~> 1.0)
    diff-lcs (1.1.3)
    httparty (0.9.0)
      multi_json (~> 1.0)
      multi_xml
    i18n (0.6.1)
    multi_json (1.3.7)
    multi_xml (0.5.1)
    rspec (2.11.0)
      rspec-core (~> 2.11.0)
      rspec-expectations (~> 2.11.0)
      rspec-mocks (~> 2.11.0)
    rspec-core (2.11.1)
    rspec-expectations (2.11.3)
      diff-lcs (~> 1.1.3)
    rspec-mocks (2.11.3)
    shoulda (3.3.2)
      shoulda-context (~> 1.0.1)
      shoulda-matchers (~> 1.4.1)
    shoulda-context (1.0.1)
    shoulda-matchers (1.4.1)
      activesupport (>= 3.0.0)

PLATFORMS
  ruby

DEPENDENCIES
  rspec (~> 2.11.0)
  runtimeerror_notifier!
  shoulda (~> 3.3.2)
