PATH
  remote: .
  specs:
    errortracking (0.1.0)
      girl_friday (~> 0.11.1)

GEM
  remote: http://rubygems.org/
  specs:
    activesupport (3.2.8)
      i18n (~> 0.6)
      multi_json (~> 1.0)
    connection_pool (0.9.2)
    diff-lcs (1.1.3)
    girl_friday (0.11.1)
      connection_pool (~> 0.9.0)
      rubinius-actor
    i18n (0.6.1)
    multi_json (1.3.7)
    rspec (2.11.0)
      rspec-core (~> 2.11.0)
      rspec-expectations (~> 2.11.0)
      rspec-mocks (~> 2.11.0)
    rspec-core (2.11.1)
    rspec-expectations (2.11.3)
      diff-lcs (~> 1.1.3)
    rspec-mocks (2.11.3)
    rubinius-actor (0.0.2)
      rubinius-core-api
    rubinius-core-api (0.0.1)
    shoulda (3.3.2)
      shoulda-context (~> 1.0.1)
      shoulda-matchers (~> 1.4.1)
    shoulda-context (1.0.1)
    shoulda-matchers (1.4.1)
      activesupport (>= 3.0.0)

PLATFORMS
  ruby

DEPENDENCIES
  errortracking!
  rspec (~> 2.11.0)
  shoulda (~> 3.3.2)
